GEM
  remote: http://rubygems.org/
  specs:
    builder (3.2.3)
    httparty (0.16.2)
      multi_xml (>= 0.5.2)
    json (1.8.6)
    mini_portile2 (2.3.0)
    multi_xml (0.6.0)
    nokogiri (1.8.5)
      mini_portile2 (~> 2.3.0)
    rack (1.5.2)
    rack-protection (1.5.5)
      rack
    ruby_kml (0.1.7)
      builder
      nokogiri
    sinatra (1.4.8)
      rack (~> 1.5)
      rack-protection (~> 1.4)
      tilt (>= 1.3, < 3)
    tilt (2.0.8)
    travlrmap (1.5.0)
      httparty (~> 0.13)
      json (~> 1.8)
      nokogiri (~> 1.6)
      rack (= 1.5.2)
      ruby_kml (~> 0.1)
      sinatra (~> 1.4)

PLATFORMS
  ruby

DEPENDENCIES
  json
  travlrmap (= 1.5.0)

BUNDLED WITH
   1.15.4
